PATH
  remote: .
  specs:
    sdb (0.1.0)
      cpu_time
      puma (>= 6.0)

GEM
  remote: https://rubygems.org/
  specs:
    byebug (11.1.3)
    cpu_time (0.1.0)
    diff-lcs (1.5.1)
    nio4r (2.7.4)
    puma (6.6.0)
      nio4r (~> 2.0)
    rake (13.2.1)
    rake-compiler (1.2.7)
      rake
    rb_sys (0.9.102)
    rspec (3.13.0)
      rspec-core (~> 3.13.0)
      rspec-expectations (~> 3.13.0)
      rspec-mocks (~> 3.13.0)
    rspec-core (3.13.0)
      rspec-support (~> 3.13.0)
    rspec-expectations (3.13.2)
      diff-lcs (>= 1.2.0, < 2.0)
      rspec-support (~> 3.13.0)
    rspec-mocks (3.13.1)
      diff-lcs (>= 1.2.0, < 2.0)
      rspec-support (~> 3.13.0)
    rspec-support (3.13.1)

PLATFORMS
  arm64-darwin-23
  ruby

DEPENDENCIES
  byebug
  cpu_time
  rake (~> 13.0)
  rake-compiler
  rb_sys (~> 0.9.63)
  rspec (~> 3.0)
  sdb!

BUNDLED WITH
   2.5.16
